GEM
  remote: https://rubygems.org/
  specs:
    activemodel (4.2.5.2)
      activesupport (= 4.2.5.2)
      builder (~> 3.1)
    activesupport (4.2.5.2)
      i18n (~> 0.7)
      json (~> 1.7, >= 1.7.7)
      minitest (~> 5.1)
      thread_safe (~> 0.3, >= 0.3.4)
      tzinfo (~> 1.1)
    ast (2.2.0)
    astrolabe (1.3.1)
      parser (~> 2.2)
    aws-sdk (2.2.20)
      aws-sdk-resources (= 2.2.20)
    aws-sdk-core (2.2.20)
      jmespath (~> 1.0)
    aws-sdk-resources (2.2.20)
      aws-sdk-core (= 2.2.20)
    bcrypt (3.1.10)
    bson (4.0.3)
    builder (3.2.2)
    codeclimate-test-reporter (0.4.8)
      simplecov (>= 0.7.1, < 1.0.0)
    diff-lcs (1.2.5)
    docile (1.1.5)
    encase (0.1.2)
    figaro (1.1.1)
      thor (~> 0.14)
    gene_pool (1.4.1)
      thread_safe
    http-exceptions (0.0.4)
    httparty (0.13.7)
      json (~> 1.8)
      multi_xml (>= 0.5.2)
    httpclient (2.6.0.1)
    i18n (0.7.0)
    jmespath (1.1.3)
    json (1.8.3)
    lru_redux (1.1.0)
    mail (2.6.3)
      mime-types (>= 1.16, < 3)
    mime-types (2.99.1)
    mini_magick (4.4.0)
    minitest (5.8.4)
    mongo (2.2.3)
      bson (~> 4.0)
    mongoid (5.1.1)
      activemodel (~> 4.0)
      mongo (~> 2.1)
      origin (~> 2.2)
      tzinfo (>= 0.3.37)
    msgpack (0.5.12)
    multi_json (1.11.2)
    multi_xml (0.5.5)
    newrelic_rpm (3.15.0.314)
    oanda_api (0.9.4)
      http-exceptions (~> 0.0)
      httparty (~> 0.13, >= 0.13.5)
      persistent_httparty (~> 0.1)
    origin (2.2.0)
    parser (2.3.0.6)
      ast (~> 2.2)
    persistent_http (2.0.1)
      gene_pool (>= 1.3)
    persistent_httparty (0.1.1)
      httparty (~> 0.9)
      persistent_http
    powerpack (0.1.1)
    puma (3.0.2)
    rack (1.6.4)
    rack-protection (1.5.3)
      rack
    rainbow (2.1.0)
    rake (10.5.0)
    rspec (3.1.0)
      rspec-core (~> 3.1.0)
      rspec-expectations (~> 3.1.0)
      rspec-mocks (~> 3.1.0)
    rspec-core (3.1.7)
      rspec-support (~> 3.1.0)
    rspec-expectations (3.1.2)
      diff-lcs (>= 1.2.0, < 2.0)
      rspec-support (~> 3.1.0)
    rspec-mocks (3.1.3)
      rspec-support (~> 3.1.0)
    rspec-support (3.1.2)
    rubocop (0.29.1)
      astrolabe (~> 1.3)
      parser (>= 2.2.0.1, < 3.0)
      powerpack (~> 0.1)
      rainbow (>= 1.99.1, < 3.0)
      ruby-progressbar (~> 1.4)
    ruby-progressbar (1.7.5)
    simplecov (0.9.2)
      docile (~> 1.1.0)
      multi_json (~> 1.0)
      simplecov-html (~> 0.9.0)
    simplecov-html (0.9.0)
    sinatra (1.4.7)
      rack (~> 1.5)
      rack-protection (~> 1.4)
      tilt (>= 1.3, < 3)
    thor (0.19.1)
    thread (0.2.2)
    thread_safe (0.3.5)
    tilt (2.0.2)
    tzinfo (1.2.2)
      thread_safe (~> 0.1)
    validates_email_format_of (1.6.3)
      i18n

PLATFORMS
  ruby

DEPENDENCIES
  activesupport
  aws-sdk
  bcrypt
  codeclimate-test-reporter (~> 0.4.7)
  encase
  figaro
  httpclient (~> 2.6.0.1)
  lru_redux
  mail
  mini_magick
  mongoid
  msgpack (= 0.5.12)
  newrelic_rpm
  oanda_api
  persistent_http (= 2.0.1)
  puma
  rack
  rake
  rspec (~> 3.1.0)
  rubocop (~> 0.29.1)
  simplecov (~> 0.9.0)
  sinatra
  thread
  validates_email_format_of

BUNDLED WITH
   1.10.6
